GEM
  remote: https://rubygems.org/
  remote: https://rails-assets.org/
  specs:
    actioncable (5.1.0)
      actionpack (= 5.1.0)
      nio4r (~> 2.0)
      websocket-driver (~> 0.6.1)
    actionmailer (5.1.0)
      actionpack (= 5.1.0)
      actionview (= 5.1.0)
      activejob (= 5.1.0)
      mail (~> 2.5, >= 2.5.4)
      rails-dom-testing (~> 2.0)
    actionpack (5.1.0)
      actionview (= 5.1.0)
      activesupport (= 5.1.0)
      rack (~> 2.0)
      rack-test (~> 0.6.3)
      rails-dom-testing (~> 2.0)
      rails-html-sanitizer (~> 1.0, >= 1.0.2)
    actionview (5.1.0)
      activesupport (= 5.1.0)
      builder (~> 3.1)
      erubi (~> 1.4)
      rails-dom-testing (~> 2.0)
      rails-html-sanitizer (~> 1.0, >= 1.0.3)
    activejob (5.1.0)
      activesupport (= 5.1.0)
      globalid (>= 0.3.6)
    activemodel (5.1.0)
      activesupport (= 5.1.0)
    activerecord (5.1.0)
      activemodel (= 5.1.0)
      activesupport (= 5.1.0)
      arel (~> 8.0)
    activesupport (5.1.0)
      concurrent-ruby (~> 1.0, >= 1.0.2)
      i18n (~> 0.7)
      minitest (~> 5.1)
      tzinfo (~> 1.1)
    addressable (2.5.1)
      public_suffix (~> 2.0, >= 2.0.2)
    arel (8.0.0)
    ast (2.3.0)
    auth0 (4.1.0)
      rest-client (~> 1.8.0)
    bindex (0.5.0)
    brakeman (3.6.1)
    builder (3.2.3)
    bundler-audit (0.5.0)
      bundler (~> 1.2)
      thor (~> 0.18)
    byebug (9.0.6)
    capybara (2.14.0)
      addressable
      mime-types (>= 1.16)
      nokogiri (>= 1.3.3)
      rack (>= 1.0.0)
      rack-test (>= 0.5.4)
      xpath (~> 2.0)
    childprocess (0.7.0)
      ffi (~> 1.0, >= 1.0.11)
    climate_control (0.1.0)
    concurrent-ruby (1.0.5)
    database_cleaner (1.6.0)
    diff-lcs (1.3)
    domain_name (0.5.20170404)
      unf (>= 0.0.5, < 1.0.0)
    dotenv (2.2.1)
    dotenv-rails (2.2.1)
      dotenv (= 2.2.1)
      railties (>= 3.2, < 5.2)
    erubi (1.6.0)
    execjs (2.7.0)
    factory_girl (4.8.0)
      activesupport (>= 3.0.0)
    factory_girl_rails (4.8.0)
      factory_girl (~> 4.8.0)
      railties (>= 3.0.0)
    faker (1.7.3)
      i18n (~> 0.5)
    faraday (0.11.0)
      multipart-post (>= 1.2, < 3)
    ffi (1.9.18)
    font-awesome-rails (4.7.0.2)
      railties (>= 3.2, < 5.2)
    globalid (0.4.0)
      activesupport (>= 4.2.0)
    gon (6.1.0)
      actionpack (>= 3.0)
      json
      multi_json
      request_store (>= 1.0)
    hashie (3.5.5)
    http-cookie (1.0.3)
      domain_name (~> 0.5)
    i18n (0.8.1)
    inline_svg (1.2.1)
      activesupport (>= 3.0)
      nokogiri (>= 1.6)
    jquery-rails (4.3.1)
      rails-dom-testing (>= 1, < 3)
      railties (>= 4.2.0)
      thor (>= 0.14, < 2.0)
    json (2.1.0)
    jwt (1.5.6)
    listen (3.1.5)
      rb-fsevent (~> 0.9, >= 0.9.4)
      rb-inotify (~> 0.9, >= 0.9.7)
      ruby_dep (~> 1.2)
    loofah (2.0.3)
      nokogiri (>= 1.5.9)
    mail (2.6.5)
      mime-types (>= 1.16, < 4)
    method_source (0.8.2)
    mime-types (2.99.3)
    mini_portile2 (2.1.0)
    minitest (5.10.1)
    multi_json (1.12.1)
    multi_xml (0.6.0)
    multipart-post (2.0.0)
    netrc (0.11.0)
    nio4r (2.0.0)
    nokogiri (1.7.1)
      mini_portile2 (~> 2.1.0)
    oauth2 (1.3.1)
      faraday (>= 0.8, < 0.12)
      jwt (~> 1.0)
      multi_json (~> 1.3)
      multi_xml (~> 0.5)
      rack (>= 1.2, < 3)
    omniauth (1.6.1)
      hashie (>= 3.4.6, < 3.6.0)
      rack (>= 1.6.2, < 3)
    omniauth-auth0 (2.0.0)
      omniauth-oauth2 (~> 1.4)
    omniauth-oauth2 (1.4.0)
      oauth2 (~> 1.0)
      omniauth (~> 1.2)
    parser (2.4.0.0)
      ast (~> 2.2)
    pg (0.20.0)
    powerpack (0.1.1)
    public_suffix (2.0.5)
    puma (3.8.2)
    pundit (1.1.0)
      activesupport (>= 3.0.0)
    rack (2.0.1)
    rack-test (0.6.3)
      rack (>= 1.0)
    rails (5.1.0)
      actioncable (= 5.1.0)
      actionmailer (= 5.1.0)
      actionpack (= 5.1.0)
      actionview (= 5.1.0)
      activejob (= 5.1.0)
      activemodel (= 5.1.0)
      activerecord (= 5.1.0)
      activesupport (= 5.1.0)
      bundler (>= 1.3.0, < 2.0)
      railties (= 5.1.0)
      sprockets-rails (>= 2.0.0)
    rails-dom-testing (2.0.2)
      activesupport (>= 4.2.0, < 6.0)
      nokogiri (~> 1.6)
    rails-html-sanitizer (1.0.3)
      loofah (~> 2.0)
    rails_12factor (0.0.3)
      rails_serve_static_assets
      rails_stdout_logging
    rails_serve_static_assets (0.0.5)
    rails_stdout_logging (0.0.5)
    railties (5.1.0)
      actionpack (= 5.1.0)
      activesupport (= 5.1.0)
      method_source
      rake (>= 0.8.7)
      thor (>= 0.18.1, < 2.0)
    rainbow (2.2.2)
      rake
    rake (12.0.0)
    rb-fsevent (0.9.8)
    rb-inotify (0.9.8)
      ffi (>= 0.5.0)
    redcarpet (3.4.0)
    redis (3.3.3)
    redis-actionpack (5.0.1)
      actionpack (>= 4.0, < 6)
      redis-rack (>= 1, < 3)
      redis-store (>= 1.1.0, < 1.4.0)
    redis-activesupport (5.0.2)
      activesupport (>= 3, < 6)
      redis-store (~> 1.3.0)
    redis-namespace (1.5.3)
      redis (~> 3.0, >= 3.0.4)
    redis-rack (2.0.2)
      rack (>= 1.5, < 3)
      redis-store (>= 1.2, < 1.4)
    redis-rails (5.0.2)
      redis-actionpack (>= 5.0, < 6)
      redis-activesupport (>= 5.0, < 6)
      redis-store (>= 1.2, < 2)
    redis-store (1.3.0)
      redis (>= 2.2)
    request_store (1.3.2)
    rest-client (1.8.0)
      http-cookie (>= 1.0.2, < 2.0)
      mime-types (>= 1.16, < 3.0)
      netrc (~> 0.7)
    rspec-collection_matchers (1.1.3)
      rspec-expectations (>= 2.99.0.beta1)
    rspec-core (3.6.0)
      rspec-support (~> 3.6.0)
    rspec-expectations (3.6.0)
      diff-lcs (>= 1.2.0, < 2.0)
      rspec-support (~> 3.6.0)
    rspec-mocks (3.6.0)
      diff-lcs (>= 1.2.0, < 2.0)
      rspec-support (~> 3.6.0)
    rspec-rails (3.6.0)
      actionpack (>= 3.0)
      activesupport (>= 3.0)
      railties (>= 3.0)
      rspec-core (~> 3.6.0)
      rspec-expectations (~> 3.6.0)
      rspec-mocks (~> 3.6.0)
      rspec-support (~> 3.6.0)
    rspec-retry (0.5.0)
      rspec-core (~> 3.3)
    rspec-support (3.6.0)
    rubocop (0.48.1)
      parser (>= 2.3.3.1, < 3.0)
      powerpack (~> 0.1)
      rainbow (>= 1.99.1, < 3.0)
      ruby-progressbar (~> 1.7)
      unicode-display_width (~> 1.0, >= 1.0.1)
    rubocop-rspec (1.15.1)
      rubocop (>= 0.42.0)
    ruby-progressbar (1.8.1)
    ruby_dep (1.5.0)
    rubyzip (1.2.1)
    sass (3.4.23)
    sass-rails (5.0.6)
      railties (>= 4.0.0, < 6)
      sass (~> 3.1)
      sprockets (>= 2.8, < 4.0)
      sprockets-rails (>= 2.0, < 4.0)
      tilt (>= 1.1, < 3)
    selenium-webdriver (3.4.0)
      childprocess (~> 0.5)
      rubyzip (~> 1.0)
      websocket (~> 1.0)
    shoulda-matchers (3.1.1)
      activesupport (>= 4.0.0)
    spring (2.0.1)
      activesupport (>= 4.2)
    spring-watcher-listen (2.0.1)
      listen (>= 2.7, < 4.0)
      spring (>= 1.2, < 3.0)
    sprockets (3.7.1)
      concurrent-ruby (~> 1.0)
      rack (> 1, < 3)
    sprockets-rails (3.2.0)
      actionpack (>= 4.0)
      activesupport (>= 4.0)
      sprockets (>= 3.0.0)
    thor (0.19.4)
    thread_safe (0.3.6)
    tilt (2.0.7)
    turbolinks (5.0.1)
      turbolinks-source (~> 5)
    turbolinks-source (5.0.3)
    tzinfo (1.2.3)
      thread_safe (~> 0.1)
    uglifier (3.2.0)
      execjs (>= 0.3.0, < 3)
    unf (0.1.4)
      unf_ext
    unf_ext (0.0.7.4)
    unicode-display_width (1.2.1)
    web-console (3.5.0)
      actionview (>= 5.0)
      activemodel (>= 5.0)
      bindex (>= 0.4.0)
      railties (>= 5.0)
    websocket (1.2.4)
    websocket-driver (0.6.5)
      websocket-extensions (>= 0.1.0)
    websocket-extensions (0.1.2)
    xpath (2.0.0)
      nokogiri (~> 1.3)

PLATFORMS
  ruby

DEPENDENCIES
  activerecord-jdbcpostgresql-adapter
  auth0
  brakeman
  bundler-audit
  byebug
  capybara (~> 2.13)
  climate_control
  database_cleaner (~> 1.6)
  dotenv-rails
  factory_girl_rails
  faker
  font-awesome-rails
  gon
  inline_svg
  jquery-rails
  jwt
  listen (>= 3.1, < 3.2)
  omniauth (~> 1.6)
  omniauth-auth0 (~> 2.0)
  pg (~> 0.20)
  puma (~> 3.8)
  pundit
  rails (~> 5.1.0)
  rails_12factor
  redcarpet
  redis (~> 3.3.3)
  redis-namespace (~> 1.5.3)
  redis-rails (~> 5.0.2)
  rspec-collection_matchers
  rspec-rails (~> 3.6.0)
  rspec-retry
  rubocop
  rubocop-rspec
  sass-rails (~> 5.0)
  selenium-webdriver
  shoulda-matchers (~> 3.1)
  spring (~> 2.0)
  spring-watcher-listen (~> 2.0)
  turbolinks (~> 5)
  tzinfo-data
  uglifier (>= 3.2)
  web-console (>= 3.5.0)

RUBY VERSION
   ruby 2.4.1p111

BUNDLED WITH
   1.14.6
